GEM
  remote: https://rubygems.org/
  specs:
    excon (0.16.10)
    heroku-api (0.3.7)
      excon (~> 0.16.10)
    rendezvous (0.0.1)

PLATFORMS
  ruby

DEPENDENCIES
  heroku-api
  rendezvous
